GEM
  remote: https://rubygems.org/
  specs:
    exifr (1.2.3)
    fspath (2.1.1)
    image_optim (0.21.0)
      exifr (~> 1.2, >= 1.2.2)
      fspath (~> 2.1)
      image_size (~> 1.3)
      in_threads (~> 1.3)
      progress (~> 3.0, >= 3.0.1)
    image_optim_pack (0.2.1.20150808)
      fspath (~> 2.1)
      image_optim (~> 0.19)
    image_size (1.4.1)
    in_threads (1.3.1)
    progress (3.1.0)

PLATFORMS
  ruby

DEPENDENCIES
  image_optim
  image_optim_pack

BUNDLED WITH
   1.10.6
